GEM
  remote: https://rubygems.org/
  specs:
    curb (0.9.10)
    json (2.3.0)
    mustermann (1.0.3)
    rack (2.2.3)
    rack-protection (2.0.7)
      rack
    sinatra (2.0.7)
      mustermann (~> 1.0)
      rack (~> 2.0)
      rack-protection (= 2.0.7)
      tilt (~> 2.0)
    tilt (2.0.10)

PLATFORMS
  ruby

DEPENDENCIES
  curb (~> 0.9.10)!
  json (~> 2.3)!
  sinatra (~> 2.0, >= 2.0.7)!

BUNDLED WITH
   2.0.2
